GEM
  remote: https://rubygems.org/
  specs:
    diff-lcs (1.2.5)
    dotenv (1.0.2)
    faraday (0.9.1)
      multipart-post (>= 1.2, < 3)
    foreman (0.78.0)
      thor (~> 0.19.1)
    hashie (3.4.1)
    multipart-post (2.0.0)
    nio4r (2.3.1)
    puma (4.3.8)
      nio4r (~> 2.0)
    rack (1.6.13)
    rack-protection (1.5.3)
      rack
    rake (12.3.3)
    redcarpet (3.5.1)
    rspec (3.2.0)
      rspec-core (~> 3.2.0)
      rspec-expectations (~> 3.2.0)
      rspec-mocks (~> 3.2.0)
    rspec-core (3.2.3)
      rspec-support (~> 3.2.0)
    rspec-expectations (3.2.1)
      diff-lcs (>= 1.2.0, < 2.0)
      rspec-support (~> 3.2.0)
    rspec-mocks (3.2.1)
      diff-lcs (>= 1.2.0, < 2.0)
      rspec-support (~> 3.2.0)
    rspec-support (3.2.2)
    sinatra (1.4.6)
      rack (~> 1.4)
      rack-protection (~> 1.4)
      tilt (>= 1.3, < 3)
    thor (0.19.1)
    tilt (2.0.1)

PLATFORMS
  ruby

DEPENDENCIES
  dotenv (~> 1.0)
  faraday (~> 0.9)
  foreman (~> 0.77)
  hashie (~> 3.4)
  puma (~> 4.3)
  rake (~> 12.3)
  redcarpet (~> 3.5)
  rspec (~> 3.0)
  sinatra (~> 1.4)
